GEM
  remote: https://rubygems.org/
  specs:
    coderay (1.1.1)
    columnize (0.9.0)
    daemons (1.2.4)
    debugger (1.6.8)
      columnize (>= 0.3.1)
      debugger-linecache (~> 1.2.0)
      debugger-ruby_core_source (~> 1.3.5)
    debugger-linecache (1.2.0)
    debugger-ruby_core_source (1.3.8)
    eventmachine (1.2.0.1)
    method_source (0.8.2)
    pry (0.10.4)
      coderay (~> 1.1.0)
      method_source (~> 0.8.1)
      slop (~> 3.4)
    rack (1.6.5)
    slop (3.6.0)
    table_print (1.5.6)
    thin (1.7.0)
      daemons (~> 1.0, >= 1.0.9)
      eventmachine (~> 1.0, >= 1.0.4)
      rack (>= 1, < 3)

PLATFORMS
  ruby

DEPENDENCIES
  debugger
  pry
  table_print
  thin

BUNDLED WITH
   1.12.5
